GEM
  specs:
    choice (0.1.4)
    google-spreadsheet-ruby (0.1.5)
      nokogiri (>= 1.4.3.1)
      oauth (>= 0.3.6)
    json (1.6.1)
    log4r (1.1.9)
    nokogiri (1.5.0)
    oauth (0.4.5)
    roo (1.10.0)
      choice (>= 0.1.4)
      google-spreadsheet-ruby (>= 0.1.5)
      nokogiri (>= 1.5.0)
      spreadsheet (> 0.6.4)
      todonotes (>= 0.1.0)
    ruby-ole (1.2.11.2)
    rubyzip2 (2.0.1)
    spreadsheet (0.6.5.9)
      ruby-ole (>= 1.0)
    todonotes (0.1.0)
      log4r

PLATFORMS
  ruby

DEPENDENCIES
  json
  roo
  rubyzip2
